GEM
  remote: https://rubygems.org/
  specs:
    boilerpipe (0.0.4)
    byebug (9.0.6)
    coderay (1.1.1)
    fast_blank (1.0.0)
    fast_xor (1.1.3)
      rake
      rake-compiler
    fast_xs (0.8.0)
    method_source (0.8.2)
    mini_portile2 (2.1.0)
    nokogiri (1.6.8.1)
      mini_portile2 (~> 2.1.0)
    pry (0.10.4)
      coderay (~> 1.1.0)
      method_source (~> 0.8.1)
      slop (~> 3.4)
    pry-byebug (3.4.0)
      byebug (~> 9.0)
      pry (~> 0.10)
    rake (11.3.0)
    rake-compiler (1.0.1)
      rake
    slop (3.6.0)

PLATFORMS
  ruby

DEPENDENCIES
  boilerpipe
  fast_blank
  fast_xor
  fast_xs
  nokogiri
  pry
  pry-byebug

BUNDLED WITH
   1.13.3
